GIT
  remote: https://github.com/gildesmarais/html2rss-configs.git
  revision: ab0752e33f41b2b77a3b5e4e72efdd57a5eb1032
  specs:
    html2rss-configs (0.1.0)

GIT
  remote: https://github.com/gildesmarais/html2rss.git
  revision: 1d45e694daa1f30f4a83d6719535434a6c74dce7
  specs:
    html2rss (0.2.2)
      faraday (~> 0.15)
      faraday_middleware (~> 0.13)
      nokogiri (>= 1.10)
      sanitize (~> 5.0)

GEM
  remote: https://rubygems.org/
  specs:
    crass (1.0.4)
    faraday (0.15.4)
      multipart-post (>= 1.2, < 3)
    faraday_middleware (0.13.1)
      faraday (>= 0.7.4, < 1.0)
    ffi (1.11.1)
    foreman (0.85.0)
      thor (~> 0.19.1)
    listen (3.1.5)
      rb-fsevent (~> 0.9, >= 0.9.4)
      rb-inotify (~> 0.9, >= 0.9.7)
      ruby_dep (~> 1.2)
    mini_portile2 (2.4.0)
    multipart-post (2.1.1)
    mustermann (1.0.3)
    nokogiri (1.10.3)
      mini_portile2 (~> 2.4.0)
    nokogumbo (2.0.1)
      nokogiri (~> 1.8, >= 1.8.4)
    puma (3.12.1)
    rack (2.0.7)
    rack-protection (2.0.5)
      rack
    rake (12.3.2)
    rb-fsevent (0.10.3)
    rb-inotify (0.10.0)
      ffi (~> 1.0)
    rerun (0.13.0)
      listen (~> 3.0)
    ruby_dep (1.5.0)
    sanitize (5.0.0)
      crass (~> 1.0.2)
      nokogiri (>= 1.8.0)
      nokogumbo (~> 2.0)
    sinatra (2.0.5)
      mustermann (~> 1.0)
      rack (~> 2.0)
      rack-protection (= 2.0.5)
      tilt (~> 2.0)
    thor (0.19.4)
    tilt (2.0.9)

PLATFORMS
  ruby

DEPENDENCIES
  foreman
  html2rss!
  html2rss-configs!
  puma
  rake
  rerun
  sinatra (~> 2.0)

BUNDLED WITH
   1.17.2
