GIT
  remote: https://github.com/gildesmarais/html2rss-configs.git
  revision: 1caa9155efe3865c3fe5d42d710a8913a1b98e38
  specs:
    html2rss-configs (0.2.0)

GIT
  remote: https://github.com/gildesmarais/html2rss.git
  revision: 1b7d929f2d19d27a138621882bdca0fc1a793bbe
  specs:
    html2rss (0.3.3)
      faraday (~> 0.15)
      faraday_middleware (~> 0.13)
      hashie (~> 3.6)
      nokogiri (>= 1.10, < 2.0)
      sanitize (~> 5.0)

GEM
  remote: https://rubygems.org/
  specs:
    crass (1.0.4)
    faraday (0.15.4)
      multipart-post (>= 1.2, < 3)
    faraday_middleware (0.13.1)
      faraday (>= 0.7.4, < 1.0)
    ffi (1.11.1)
    foreman (0.85.0)
      thor (~> 0.19.1)
    hashie (3.6.0)
    listen (3.1.5)
      rb-fsevent (~> 0.9, >= 0.9.4)
      rb-inotify (~> 0.9, >= 0.9.7)
      ruby_dep (~> 1.2)
    mini_portile2 (2.4.0)
    multipart-post (2.1.1)
    mustermann (1.0.3)
    nio4r (2.3.1)
    nokogiri (1.10.3)
      mini_portile2 (~> 2.4.0)
    nokogumbo (2.0.1)
      nokogiri (~> 1.8, >= 1.8.4)
    puma (4.0.0)
      nio4r (~> 2.0)
    rack (2.0.7)
    rack-cache (1.9.0)
      rack (>= 0.4)
    rack-protection (2.0.5)
      rack
    rake (12.3.2)
    rb-fsevent (0.10.3)
    rb-inotify (0.10.0)
      ffi (~> 1.0)
    rerun (0.13.0)
      listen (~> 3.0)
    ruby_dep (1.5.0)
    sanitize (5.0.0)
      crass (~> 1.0.2)
      nokogiri (>= 1.8.0)
      nokogumbo (~> 2.0)
    sinatra (2.0.5)
      mustermann (~> 1.0)
      rack (~> 2.0)
      rack-protection (= 2.0.5)
      tilt (~> 2.0)
    thor (0.19.4)
    tilt (2.0.9)

PLATFORMS
  ruby

DEPENDENCIES
  foreman
  html2rss!
  html2rss-configs!
  puma
  rack-cache
  rake
  rerun
  sinatra (~> 2.0)

BUNDLED WITH
   1.17.3
