GIT
  remote: https://github.com/gildesmarais/html2rss-configs.git
  revision: 1f58b6cea9317b359ec9642739021b61aaa75c62
  specs:
    html2rss-configs (0.2.0)

GIT
  remote: https://github.com/gildesmarais/html2rss.git
  revision: 6c7fb88c9c87fb977645b21a7b13e70367b10608
  specs:
    html2rss (0.6.0)
      activesupport (~> 5.0)
      builder
      faraday (~> 0.15)
      faraday_middleware (~> 0.13)
      hashie (~> 3.6)
      nokogiri (>= 1.10, < 2.0)
      reverse_markdown (~> 1.3)
      sanitize (~> 5.0)
      zeitwerk

GEM
  remote: https://rubygems.org/
  specs:
    activesupport (5.2.3)
      concurrent-ruby (~> 1.0, >= 1.0.2)
      i18n (>= 0.7, < 2)
      minitest (~> 5.1)
      tzinfo (~> 1.1)
    builder (3.2.3)
    concurrent-ruby (1.1.5)
    crass (1.0.5)
    faraday (0.17.0)
      multipart-post (>= 1.2, < 3)
    faraday_middleware (0.13.1)
      faraday (>= 0.7.4, < 1.0)
    ffi (1.11.1)
    foreman (0.86.0)
    hashie (3.6.0)
    i18n (1.7.0)
      concurrent-ruby (~> 1.0)
    listen (3.2.0)
      rb-fsevent (~> 0.10, >= 0.10.3)
      rb-inotify (~> 0.9, >= 0.9.10)
    mini_portile2 (2.4.0)
    minitest (5.12.2)
    multipart-post (2.1.1)
    mustermann (1.0.3)
    nio4r (2.5.2)
    nokogiri (1.10.4)
      mini_portile2 (~> 2.4.0)
    nokogumbo (2.0.1)
      nokogiri (~> 1.8, >= 1.8.4)
    puma (4.2.1)
      nio4r (~> 2.0)
    rack (2.0.7)
    rack-cache (1.9.0)
      rack (>= 0.4)
    rack-protection (2.0.7)
      rack
    rake (13.0.0)
    rb-fsevent (0.10.3)
    rb-inotify (0.10.0)
      ffi (~> 1.0)
    rerun (0.13.0)
      listen (~> 3.0)
    reverse_markdown (1.3.0)
      nokogiri
    sanitize (5.1.0)
      crass (~> 1.0.2)
      nokogiri (>= 1.8.0)
      nokogumbo (~> 2.0)
    sinatra (2.0.7)
      mustermann (~> 1.0)
      rack (~> 2.0)
      rack-protection (= 2.0.7)
      tilt (~> 2.0)
    thread_safe (0.3.6)
    tilt (2.0.10)
    tzinfo (1.2.5)
      thread_safe (~> 0.1)
    zeitwerk (2.2.0)

PLATFORMS
  ruby

DEPENDENCIES
  foreman
  html2rss!
  html2rss-configs!
  puma
  rack-cache
  rake
  rerun
  sinatra (~> 2.0)

BUNDLED WITH
   1.17.3
