GIT
  remote: https://github.com/gildesmarais/html2rss-configs.git
  revision: 1b2d18d5f951960448ea8cc0758d0e09c50f64a9
  specs:
    html2rss-configs (0.2.0)

GIT
  remote: https://github.com/gildesmarais/html2rss.git
  revision: 0347e39eca1d50dd5f17296bbbff8f02d4ebd67b
  specs:
    html2rss (0.8.2)
      activesupport (~> 5.0)
      addressable (~> 2.7)
      builder
      faraday (~> 0.15)
      faraday_middleware (~> 0.13)
      kramdown
      mime-types (> 3.0)
      nokogiri (>= 1.10, < 2.0)
      reverse_markdown (~> 1.3)
      sanitize (~> 5.0)
      to_regexp
      zeitwerk

GEM
  remote: https://rubygems.org/
  specs:
    activesupport (5.2.3)
      concurrent-ruby (~> 1.0, >= 1.0.2)
      i18n (>= 0.7, < 2)
      minitest (~> 5.1)
      tzinfo (~> 1.1)
    addressable (2.7.0)
      public_suffix (>= 2.0.2, < 5.0)
    ast (2.4.0)
    builder (3.2.3)
    concurrent-ruby (1.1.5)
    crass (1.0.5)
    faraday (0.17.0)
      multipart-post (>= 1.2, < 3)
    faraday_middleware (0.13.1)
      faraday (>= 0.7.4, < 1.0)
    ffi (1.11.1)
    i18n (1.7.0)
      concurrent-ruby (~> 1.0)
    jaro_winkler (1.5.4)
    kramdown (2.1.0)
    listen (3.2.0)
      rb-fsevent (~> 0.10, >= 0.10.3)
      rb-inotify (~> 0.9, >= 0.9.10)
    mime-types (3.3)
      mime-types-data (~> 3.2015)
    mime-types-data (3.2019.1009)
    mini_portile2 (2.4.0)
    minitest (5.13.0)
    multipart-post (2.1.1)
    mustermann (1.0.3)
    nio4r (2.5.2)
    nokogiri (1.10.5)
      mini_portile2 (~> 2.4.0)
    nokogumbo (2.0.2)
      nokogiri (~> 1.8, >= 1.8.4)
    parallel (1.19.1)
    parser (2.6.5.0)
      ast (~> 2.4.0)
    public_suffix (4.0.1)
    puma (4.3.0)
      nio4r (~> 2.0)
    rack (2.0.7)
    rack-cache (1.10.0)
      rack (>= 0.4)
    rack-protection (2.0.7)
      rack
    rainbow (3.0.0)
    rake (13.0.1)
    rb-fsevent (0.10.3)
    rb-inotify (0.10.0)
      ffi (~> 1.0)
    rerun (0.13.0)
      listen (~> 3.0)
    reverse_markdown (1.3.0)
      nokogiri
    rubocop (0.77.0)
      jaro_winkler (~> 1.5.1)
      parallel (~> 1.10)
      parser (>= 2.6)
      rainbow (>= 2.2.2, < 4.0)
      ruby-progressbar (~> 1.7)
      unicode-display_width (>= 1.4.0, < 1.7)
    rubocop-performance (1.5.1)
      rubocop (>= 0.71.0)
    ruby-progressbar (1.10.1)
    sanitize (5.1.0)
      crass (~> 1.0.2)
      nokogiri (>= 1.8.0)
      nokogumbo (~> 2.0)
    sinatra (2.0.7)
      mustermann (~> 1.0)
      rack (~> 2.0)
      rack-protection (= 2.0.7)
      tilt (~> 2.0)
    thread_safe (0.3.6)
    tilt (2.0.10)
    to_regexp (0.2.1)
    tzinfo (1.2.5)
      thread_safe (~> 0.1)
    unicode-display_width (1.6.0)
    zeitwerk (2.2.1)

PLATFORMS
  ruby

DEPENDENCIES
  html2rss!
  html2rss-configs!
  puma
  rack-cache
  rake
  rerun
  rubocop
  rubocop-performance
  sinatra (~> 2.0)

BUNDLED WITH
   1.17.3
